GIT
  remote: git://github.com/rspec/rspec-core.git
  revision: 037291ea80486790da3916608ef4b101c1f71323
  specs:
    rspec-core (3.2.0.pre)
      rspec-support (= 3.2.0.pre)

GIT
  remote: git://github.com/rspec/rspec-expectations.git
  revision: 76962c4899b0413ce806a79e05a53e4b5d9da2c0
  specs:
    rspec-expectations (3.2.0.pre)
      diff-lcs (>= 1.2.0, < 2.0)
      rspec-support (= 3.2.0.pre)

GIT
  remote: git://github.com/rspec/rspec-mocks.git
  revision: e9b6bf3532a4d5e01b492a5cad53fe56b751db3e
  specs:
    rspec-mocks (3.2.0.pre)
      diff-lcs (>= 1.2.0, < 2.0)
      rspec-support (= 3.2.0.pre)

GIT
  remote: git://github.com/rspec/rspec-support.git
  revision: 187845b1d46269b17edcf24a67744f98a8d1e994
  specs:
    rspec-support (3.2.0.pre)

GIT
  remote: git://github.com/rspec/rspec.git
  revision: 6af4995482ade2d49ad361ee003dee29f713ab17
  specs:
    rspec (3.2.0.pre)
      rspec-core (= 3.2.0.pre)
      rspec-expectations (= 3.2.0.pre)
      rspec-mocks (= 3.2.0.pre)

GEM
  remote: http://rubygems.org/
  specs:
    addressable (2.3.6)
    builder (3.2.2)
    descendants_tracker (0.0.4)
      thread_safe (~> 0.3, >= 0.3.1)
    diff-lcs (1.2.5)
    docile (1.1.5)
    faraday (0.9.0)
      multipart-post (>= 1.2, < 3)
    git (1.2.8)
    github_api (0.12.2)
      addressable (~> 2.3)
      descendants_tracker (~> 0.0.4)
      faraday (~> 0.8, < 0.10)
      hashie (>= 3.3)
      multi_json (>= 1.7.5, < 2.0)
      nokogiri (~> 1.6.3)
      oauth2
    hashie (3.3.2)
    highline (1.6.21)
    httparty (0.13.3)
      json (~> 1.8)
      multi_xml (>= 0.5.2)
    jeweler (2.0.1)
      builder
      bundler (>= 1.0)
      git (>= 1.2.5)
      github_api
      highline (>= 1.6.15)
      nokogiri (>= 1.5.10)
      rake
      rdoc
    json (1.8.1)
    jwt (1.2.0)
    mini_portile (0.6.2)
    multi_json (1.10.1)
    multi_xml (0.5.5)
    multipart-post (2.0.0)
    nokogiri (1.6.5)
      mini_portile (~> 0.6.0)
    oauth2 (1.0.0)
      faraday (>= 0.8, < 0.10)
      jwt (~> 1.0)
      multi_json (~> 1.3)
      multi_xml (~> 0.5)
      rack (~> 1.2)
    rack (1.6.0)
    rake (10.4.2)
    rdoc (3.12.2)
      json (~> 1.4)
    simplecov (0.9.1)
      docile (~> 1.1.0)
      multi_json (~> 1.0)
      simplecov-html (~> 0.8.0)
    simplecov-html (0.8.0)
    thread_safe (0.3.4)

PLATFORMS
  ruby

DEPENDENCIES
  bundler (~> 1.0)
  httparty
  jeweler (~> 2.0.1)
  rdoc (~> 3.12)
  rspec (~> 3.2.0.pre)!
  rspec-core (~> 3.2.0.pre)!
  rspec-expectations (~> 3.2.0.pre)!
  rspec-mocks (~> 3.2.0.pre)!
  rspec-support (~> 3.2.0.pre)!
  simplecov
